NUGET
  remote: https://www.nuget.org/api/v2
  specs:
    FAKE (4.25.4)
    FifteenBelow.Json (0.2.0.12)
      Newtonsoft.Json (>= 6.0.8)
    FSharp.Core (4.0.0.1)
    FSharp.Data (2.2.5)
      Zlib.Portable (>= 1.10) - framework: portable-net40+sl50+wp80+win80
    Google.DataTable.Net.Wrapper (3.1.2)
    Newtonsoft.Json (8.0.3)
    Suave (1.1.2)
      FSharp.Core (>= 3.1.2.5)
    XPlot.GoogleCharts (1.3.1)
      Google.DataTable.Net.Wrapper
      Newtonsoft.Json
    XPlot.GoogleCharts.WPF (1.3.1)
      XPlot.GoogleCharts (>= 1.3.1)
    Zlib.Portable (1.11) - framework: portable-net40+sl50+wp80+win80
